GEM
  remote: https://rubygems.org/
  specs:
    multi_json (1.11.2)
    streamio-ffmpeg (2.0.0)
      multi_json (~> 1.8)

PLATFORMS
  ruby

DEPENDENCIES
  streamio-ffmpeg
